GEM
  remote: http://rubygems.org/
  specs:
    bson (1.1.5)
    bson_ext (1.1.5)
    metra_schedule (0.3.1)
      nokogiri (>= 1.4.1)
    mongo (1.1.5)
      bson (>= 1.1.5)
    nokogiri (1.4.4)
    rack (1.2.1)
    sinatra (1.1.0)
      rack (~> 1.1)
      tilt (~> 1.1)
    tilt (1.1)

PLATFORMS
  ruby

DEPENDENCIES
  bson_ext (= 1.1.5)
  metra_schedule
  mongo (= 1.1.5)
  sinatra (= 1.1.0)
