GEM
  specs:
    metra_schedule (0.3.1)
      nokogiri (>= 1.4.1)
    nokogiri (1.4.4)
    rack (1.2.1)
    sinatra (1.1.0)
      rack (~> 1.1)
      tilt (~> 1.1)
    tilt (1.1)

PLATFORMS
  ruby

DEPENDENCIES
  metra_schedule
  sinatra (= 1.1.0)
